PATH
  remote: .
  specs:
    candela (0.0.1)
      ffi

GEM
  remote: http://rubygems.org/
  specs:
    diff-lcs (1.1.3)
    ffi (1.0.9)
    rake (0.9.2)
    rspec (2.7.0)
      rspec-core (~> 2.7.0)
      rspec-expectations (~> 2.7.0)
      rspec-mocks (~> 2.7.0)
    rspec-core (2.7.1)
    rspec-expectations (2.7.0)
      diff-lcs (~> 1.1.2)
    rspec-mocks (2.7.0)
    rspec-unit (1.1.0)
      rspec (~> 2.1)

PLATFORMS
  ruby

DEPENDENCIES
  candela!
  rake (~> 0.9)
  rspec (~> 2.7)
  rspec-unit
