GEM
  remote: http://rubygems.org/
  specs:
    ffi (1.0.9)
    gir_ffi (0.0.13)
      ffi (~> 1.0.8)

PLATFORMS
  ruby

DEPENDENCIES
  ffi
  gir_ffi
